GEM
  remote: http://rubygems.org/
  specs:
    bson (1.8.2)
    bson_ext (1.8.2)
      bson (~> 1.8.2)
    mongo (1.8.2)
      bson (~> 1.8.2)
    nokogiri (1.5.6)
    psych (1.3.4)

PLATFORMS
  ruby

DEPENDENCIES
  bson_ext (~> 1.8.2)
  mongo
  nokogiri
  psych
